GEM
  remote: https://rubygems.org/
  specs:
    rack (2.2.3)
    roda (3.38.0)
      rack

PLATFORMS
  ruby

DEPENDENCIES
  rack
  roda

BUNDLED WITH
   2.1.2
